GEM
  remote: https://rubygems.org/
  specs:
    descriptive-statistics (2.1.2)
    thor (0.19.1)

PLATFORMS
  ruby

DEPENDENCIES
  descriptive-statistics
  thor

BUNDLED WITH
   1.11.2
