GEM
  remote: https://rubygems.org/
  specs:
    descriptive-statistics (2.2.0)
    thor (0.20.3)

PLATFORMS
  ruby

DEPENDENCIES
  descriptive-statistics
  thor

BUNDLED WITH
   2.0.2
